GIT
  remote: git://github.com/sethbro/thor.git
  revision: 09ae06628ab6b20d4abdea6400bcbc2cffcec52a
  branch: colored_table
  specs:
    thor (0.18.1)

PATH
  remote: .
  specs:
    jeera (0.0.1)
      activesupport (~> 4.0.1)
      faraday (~> 0.8.8)
      faraday_middleware (~> 0.8.8)
      terminal-table
      thor

GEM
  remote: https://rubygems.org/
  specs:
    activesupport (4.0.1)
      i18n (~> 0.6, >= 0.6.4)
      minitest (~> 4.2)
      multi_json (~> 1.3)
      thread_safe (~> 0.1)
      tzinfo (~> 0.3.37)
    atomic (1.1.14)
    columnize (0.3.6)
    debugger (1.6.2)
      columnize (>= 0.3.1)
      debugger-linecache (~> 1.2.0)
      debugger-ruby_core_source (~> 1.2.3)
    debugger-linecache (1.2.0)
    debugger-ruby_core_source (1.2.3)
    faraday (0.8.8)
      multipart-post (~> 1.2.0)
    faraday_middleware (0.8.8)
      faraday (>= 0.7.4, < 0.9)
    i18n (0.6.5)
    minitest (4.7.5)
    multi_json (1.8.2)
    multipart-post (1.2.0)
    terminal-table (1.4.5)
    thread_safe (0.1.3)
      atomic
    tzinfo (0.3.38)

PLATFORMS
  ruby

DEPENDENCIES
  debugger
  jeera!
  thor!
